PATH
  remote: .
  specs:
    top_tests (0.0.1)

GEM
  remote: http://rubygems.org/
  specs:

PLATFORMS
  ruby

DEPENDENCIES
  top_tests!
