PATH
  remote: .
  specs:
    top_tests (0.0.4)

GEM
  remote: http://rubygems.org/
  specs:
    minitest (3.5.0)

PLATFORMS
  ruby

DEPENDENCIES
  minitest (>= 2.11.2)
  top_tests!
