PATH
  remote: .
  specs:
    top_tests (0.0.6)

GEM
  remote: http://rubygems.org/
  specs:
    minitest (5.10.2)

PLATFORMS
  ruby

DEPENDENCIES
  minitest (>= 5.10.2)
  top_tests!

BUNDLED WITH
   1.13.6
